GEM
  remote: https://rubygems.org/
  specs:
    benchmark-ips (2.7.2)
    coderay (1.1.2)
    concurrent-ruby (1.0.5)
    gelf (3.0.0)
      json
    json (2.1.0)
    method_source (0.9.0)
    pry (0.11.3)
      coderay (~> 1.1.0)
      method_source (~> 0.9.0)
    semantic_logger (4.3.0)
      concurrent-ruby (~> 1.0)

PLATFORMS
  ruby

DEPENDENCIES
  benchmark-ips
  gelf
  pry
  semantic_logger

BUNDLED WITH
   1.16.0
